PATH
  remote: .
  specs:
    usercycle (0.0.1)
      httparty (>= 0.8.1)

GEM
  remote: http://rubygems.org/
  specs:
    httparty (0.8.1)
      multi_json
      multi_xml
    multi_json (1.1.0)
    multi_xml (0.4.2)

PLATFORMS
  ruby

DEPENDENCIES
  usercycle!
